PATH
  remote: .
  specs:
    thread-inheritable_attributes (2.0.0)
      request_store (~> 1.3)

GEM
  remote: https://rubygems.org/
  specs:
    diff-lcs (1.3)
    rack (2.2.2)
    rake (10.5.0)
    request_store (1.5.0)
      rack (>= 1.4)
    rspec (3.9.0)
      rspec-core (~> 3.9.0)
      rspec-expectations (~> 3.9.0)
      rspec-mocks (~> 3.9.0)
    rspec-core (3.9.2)
      rspec-support (~> 3.9.3)
    rspec-expectations (3.9.1)
      diff-lcs (>= 1.2.0, < 2.0)
      rspec-support (~> 3.9.0)
    rspec-mocks (3.9.1)
      diff-lcs (>= 1.2.0, < 2.0)
      rspec-support (~> 3.9.0)
    rspec-support (3.9.3)

PLATFORMS
  ruby

DEPENDENCIES
  bundler (~> 1.10)
  rake (~> 10.0)
  rspec (~> 3.4)
  thread-inheritable_attributes!

BUNDLED WITH
   1.17.3
